GEM
  remote: https://rubygems.org/
  specs:
    kramdown (1.5.0)

PLATFORMS
  ruby

DEPENDENCIES
  kramdown (~> 1.5)
