PATH
  remote: .
  specs:
    md2dz (0.1.0)
      kramdown (~> 1.5)

GEM
  remote: https://rubygems.org/
  specs:
    kramdown (1.5.0)

PLATFORMS
  ruby

DEPENDENCIES
  kramdown (~> 1.5)
  md2dz!
